GEM
  remote: http://rubygems.org/
  specs:
    diff-lcs (1.4.4)
    mini_magick (4.11.0)
    rspec (3.10.0)
      rspec-core (~> 3.10.0)
      rspec-expectations (~> 3.10.0)
      rspec-mocks (~> 3.10.0)
    rspec-core (3.10.1)
      rspec-support (~> 3.10.0)
    rspec-expectations (3.10.1)
      diff-lcs (>= 1.2.0, < 2.0)
      rspec-support (~> 3.10.0)
    rspec-mocks (3.10.2)
      diff-lcs (>= 1.2.0, < 2.0)
      rspec-support (~> 3.10.0)
    rspec-support (3.10.2)

PLATFORMS
  ruby
  x86_64-linux

DEPENDENCIES
  mini_magick
  rspec

RUBY VERSION
   ruby 2.7.0p0

BUNDLED WITH
   2.2.9
